PATH
  remote: /Users/antoine/Sites/mini-projects/fit4ruby
  specs:
    fit4ruby (3.1.0)
      bindata (= 2.3.0)

GEM
  remote: https://rubygems.org/
  specs:
    bindata (2.3.0)
    builder (3.2.3)
    coderay (1.1.2)
    gyoku (1.3.1)
      builder (>= 2.1.2)
    method_source (0.8.2)
    mini_portile2 (2.3.0)
    nokogiri (1.8.5)
      mini_portile2 (~> 2.3.0)
    nori (2.6.0)
    pry (0.10.4)
      coderay (~> 1.1.0)
      method_source (~> 0.8.1)
      slop (~> 3.4)
    slop (3.6.0)

PLATFORMS
  ruby

DEPENDENCIES
  fit4ruby!
  gyoku
  nokogiri
  nori
  pry

BUNDLED WITH
   1.13.6
